GEM
  remote: https://rubygems.org/
  specs:
    dotenv (2.7.5)
    mail (2.7.1)
      mini_mime (>= 0.1.1)
    mini_mime (1.0.2)
    rake (13.0.1)

PLATFORMS
  ruby

DEPENDENCIES
  dotenv (~> 2.7)
  mail (~> 2.7.1)
  rake (~> 13.0)

BUNDLED WITH
   2.1.4
